GEM
  remote: https://www.rubygems.org/
  specs:
    call-me (0.0.2.3)
      refining
    ffi (1.14.2)
    ffi-extra (0.1.0)
      ffi
    ffi-inline (0.0.4.3)
      ffi (>= 0.4.0)
    iso-639 (0.3.5)
    refining (0.0.5.5)
    rtesseract (3.1.2)
    tesseract-ocr (0.1.8)
      call-me
      ffi-extra
      ffi-inline
      iso-639

PLATFORMS
  x86_64-darwin-19

DEPENDENCIES
  rtesseract!
  tesseract-ocr!

BUNDLED WITH
   2.2.6
